GEM
  remote: https://rubygems.org/
  specs:
    bson (2.3.0)
    cinch (2.1.0)
    diff-lcs (1.2.5)
    dotenv (1.0.2)
    mongo (1.3.1)
      bson (>= 1.3.1)
    rspec (3.1.0)
      rspec-core (~> 3.1.0)
      rspec-expectations (~> 3.1.0)
      rspec-mocks (~> 3.1.0)
    rspec-core (3.1.7)
      rspec-support (~> 3.1.0)
    rspec-expectations (3.1.2)
      diff-lcs (>= 1.2.0, < 2.0)
      rspec-support (~> 3.1.0)
    rspec-mocks (3.1.3)
      rspec-support (~> 3.1.0)
    rspec-support (3.1.2)

PLATFORMS
  ruby

DEPENDENCIES
  bson
  cinch
  dotenv
  mongo
  rspec
